PATH
  remote: /Users/kaspernj/Dev/Ruby/baza
  specs:
    baza (0.0.8)
      array_enumerator
      datet
      knjrbfw
      wref

GEM
  remote: http://rubygems.org/
  specs:
    array_enumerator (0.0.3)
    datet (0.0.25)
    diff-lcs (1.1.3)
    faraday (0.8.7)
      multipart-post (~> 1.1)
    git (1.2.5)
    github_api (0.9.7)
      faraday (~> 0.8.1)
      hashie (>= 1.2)
      multi_json (~> 1.4)
      nokogiri (~> 1.5.2)
      oauth2
    hashie (2.0.5)
    http2 (0.0.14)
    httpauth (0.2.0)
    jeweler (1.8.4)
      bundler (~> 1.0)
      git (>= 1.2.5)
      rake
      rdoc
    json (1.8.0)
    jwt (0.1.8)
      multi_json (>= 1.5)
    knjrbfw (0.0.104)
      datet
      http2
      php4r
      ruby_process
      tsafe
      wref
    multi_json (1.7.3)
    multi_xml (0.5.3)
    multipart-post (1.2.0)
    nokogiri (1.5.9)
    oauth2 (0.9.1)
      faraday (~> 0.8)
      httpauth (~> 0.1)
      jwt (~> 0.1.4)
      multi_json (~> 1.0)
      multi_xml (~> 0.5)
      rack (~> 1.2)
    php4r (0.0.4)
      datet
      http2
      string-strtr
    rack (1.5.2)
    rake (10.0.4)
    rdoc (3.12.2)
      json (~> 1.4)
    rspec (2.8.0)
      rspec-core (~> 2.8.0)
      rspec-expectations (~> 2.8.0)
      rspec-mocks (~> 2.8.0)
    rspec-core (2.8.0)
    rspec-expectations (2.8.0)
      diff-lcs (~> 1.1.2)
    rspec-mocks (2.8.0)
    ruby_process (0.0.8)
      tsafe
      wref
    sqlite3 (1.3.7)
    string-cases (0.0.0)
    string-strtr (0.0.3)
    tsafe (0.0.11)
    wref (0.0.6)

PLATFORMS
  ruby

DEPENDENCIES
  baza!
  bundler (>= 1.0.0)
  github_api
  jeweler (~> 1.8.4)
  json
  rdoc (~> 3.12)
  rspec (~> 2.8.0)
  sqlite3
  string-cases
